GEM
  remote: http://www.rubygems.org/
  specs:
    httparty (0.14.0)
      multi_xml (>= 0.5.2)
    multi_xml (0.5.5)

PLATFORMS
  ruby

DEPENDENCIES
  httparty

RUBY VERSION
   ruby 2.3.1p112

BUNDLED WITH
   1.13.6
